GIT
  remote: https://github.com/token-cjg/DepGem.git
  revision: 32dcb88ee5be947a4a07d19da52cc0730e50955e
  tag: 0.0.2
  specs:
    hola (0.0.2)

GEM
  specs:

PLATFORMS
  ruby

DEPENDENCIES
  hola!

BUNDLED WITH
   1.14.6
